PATH
  remote: .
  specs:
    okta_session (0.3.4)
      httparty
      json
      nokogiri

GEM
  remote: https://nexus.vinted.net/repository/rubygems-proxy-repos-group/
  specs:
    httparty (0.18.1)
      mime-types (~> 3.0)
      multi_xml (>= 0.5.2)
    json (2.5.1)
    mime-types (3.3.1)
      mime-types-data (~> 3.2015)
    mime-types-data (3.2021.0225)
    mini_portile2 (2.5.0)
    multi_xml (0.6.0)
    nokogiri (1.11.1)
      mini_portile2 (~> 2.5.0)
      racc (~> 1.4)
    racc (1.5.2)
    rake (10.5.0)

PLATFORMS
  ruby

DEPENDENCIES
  okta_session!
  rake (~> 10.0)

BUNDLED WITH
   1.17.3
